GEM
  remote: https://rubygems.org/
  specs:
    slack-notifier (2.2.2)

PLATFORMS
  ruby

DEPENDENCIES
  slack-notifier

BUNDLED WITH
   1.14.3
